PATH
  remote: .
  specs:
    yesilyurt_view_tool (0.1.0)

GEM
  remote: https://rubygems.org/
  specs:
    rake (13.0.1)

PLATFORMS
  ruby

DEPENDENCIES
  bundler (~> 1.17)
  rake (~> 13.0)
  yesilyurt_view_tool!

BUNDLED WITH
   1.17.0
